GEM
  remote: http://rubygems.org/
  specs:
    faraday (0.8.5)
      multipart-post (~> 1.1)
    haml (3.1.7)
    json (1.7.6)
    multi_json (1.5.0)
    multipart-post (1.1.5)
    rack (1.5.2)
    rack-protection (1.3.2)
      rack
    sass (3.2.5)
    shotgun (0.9)
      rack (>= 1.0)
    simple_oauth (0.2.0)
    sinatra (1.3.4)
      rack (~> 1.4)
      rack-protection (~> 1.3)
      tilt (~> 1.3, >= 1.3.3)
    tilt (1.3.3)
    twitter (4.5.0)
      faraday (~> 0.8, < 0.10)
      multi_json (~> 1.0)
      simple_oauth (~> 0.2)

PLATFORMS
  ruby

DEPENDENCIES
  haml
  json
  sass
  shotgun
  sinatra
  twitter
